GEM
  remote: http://rubygems.org/
  specs:
    builder (3.2.2)
    childprocess (0.5.3)
      ffi (~> 1.0, >= 1.0.11)
    clik (0.1.0)
    coderay (1.1.0)
    colored (1.2)
    cucumber (1.3.12)
      builder (>= 2.1.2)
      diff-lcs (>= 1.1.3)
      gherkin (~> 2.12)
      multi_json (>= 1.7.5, < 2.0)
      multi_test (>= 0.1.1)
    cukesparse (2.1.8)
      clik (~> 0.1.0)
      colored (~> 1.2)
      cucumber (~> 1.3.2)
    diff-lcs (1.2.5)
    ffi (1.9.3-x86-mingw32)
    gherkin (2.12.2-x86-mingw32)
      multi_json (~> 1.3)
    method_source (0.8.2)
    mini_portile (0.5.2)
    multi_json (1.9.2)
    multi_test (0.1.1)
    nokogiri (1.6.1-x86-mingw32)
      mini_portile (~> 0.5.0)
    pry (0.9.12.6-x86-mingw32)
      coderay (~> 1.0)
      method_source (~> 0.8)
      slop (~> 3.4)
      win32console (~> 1.3)
    rake (10.1.1)
    require_all (1.3.2)
    rubyzip (1.1.6)
    selenium-webdriver (2.43.0)
      childprocess (~> 0.5)
      multi_json (~> 1.0)
      rubyzip (~> 1.0)
      websocket (~> 1.0)
    slop (3.5.0)
    websocket (1.0.7)
    win32console (1.3.2-x86-mingw32)
    xml-simple (1.1.3)
    yard (0.8.7.3)

PLATFORMS
  x86-mingw32

DEPENDENCIES
  bundler
  cucumber
  cukesparse
  ffi
  nokogiri
  pry
  rake
  require_all
  selenium-webdriver
  xml-simple
  yard
